GEM
  remote: https://rubygems.org/
  specs:
    activesupport (7.1.3.2)
      base64
      bigdecimal
      concurrent-ruby (~> 1.0, >= 1.0.2)
	@@ -11,8 +11,8 @@ GEM
      minitest (>= 5.1)
      mutex_m
      tzinfo (~> 2.0)
    addressable (2.8.6)
      public_suffix (>= 2.0.2, < 6.0)
    base64 (0.2.0)
    bibtex-ruby (6.1.0)
      latex-decode (~> 0.0)
	@@ -27,7 +27,7 @@ GEM
      fast-stemmer (~> 1.0)
      matrix (~> 0.4)
    colorator (1.1.0)
    concurrent-ruby (1.2.3)
    connection_pool (2.4.1)
    crass (1.0.6)
    csl (1.6.0)
	@@ -50,12 +50,11 @@ GEM
    feedjira (3.2.3)
      loofah (>= 2.3.1, < 3)
      sax-machine (>= 1.0, < 2)
    ffi (1.16.3)
    forwardable-extended (2.6.0)
    gemoji (4.1.0)
    google-protobuf (4.26.1-aarch64-linux)
      rake (>= 13)
    google-protobuf (4.26.1-x86_64-linux)
      rake (>= 13)
    html-pipeline (2.14.3)
      activesupport (>= 2)
	@@ -116,7 +115,7 @@ GEM
      jekyll (>= 3.7, < 5.0)
    jekyll-tabs (1.2.1)
      jekyll (>= 3.0, < 5.0)
    jekyll-toc (0.18.0)
      jekyll (>= 3.9)
      nokogiri (~> 1.12)
    jekyll-twitter-plugin (2.1.0)
	@@ -135,7 +134,6 @@ GEM
      kramdown (~> 2.0)
    latex-decode (0.4.0)
    libv8-node (21.7.2.0-aarch64-linux)
    libv8-node (21.7.2.0-x86_64-linux)
    liquid (4.0.4)
    listen (3.9.0)
      rb-fsevent (~> 0.10, >= 0.10.3)
	@@ -148,32 +146,30 @@ GEM
    mini_mime (1.1.5)
    mini_racer (0.12.0)
      libv8-node (~> 21.7.2.0)
    minitest (5.22.3)
    multi_xml (0.7.1)
      bigdecimal (~> 3.1)
    mutex_m (0.2.0)
    namae (1.2.0)
      racc (~> 1.7)
    nokogiri (1.16.4-aarch64-linux)
      racc (~> 1.4)
    nokogiri (1.16.4-x86_64-linux)
      racc (~> 1.4)
    pathutil (0.16.2)
      forwardable-extended (~> 2.6)
    public_suffix (5.0.5)
    racc (1.7.3)
    rake (13.2.1)
    rb-fsevent (0.11.2)
    rb-inotify (0.10.1)
      ffi (~> 1.0)
    rexml (3.2.6)
    rouge (4.2.1)
    safe_yaml (1.0.5)
    sass-embedded (1.77.0-aarch64-linux-gnu)
      google-protobuf (>= 3.25, < 5.0)
    sass-embedded (1.77.0-x86_64-linux-gnu)
      google-protobuf (>= 3.25, < 5.0)
    sax-machine (1.3.2)
    terminal-table (3.0.2)
      unicode-display_width (>= 1.1.1, < 3)
    tzinfo (2.0.6)
	@@ -185,8 +181,7 @@ GEM
    webrick (1.8.1)

PLATFORMS
  aarch64-linux
  x86_64-linux-gnu

DEPENDENCIES
  classifier-reborn
	@@ -214,4 +209,4 @@ DEPENDENCIES
  webrick

BUNDLED WITH
   2.5.7